GEM
  remote: https://rubygems.org/
  specs:
    addressable (2.3.8)
    breakpoint (2.5.0)
      sass (~> 3.3)
      sassy-maps (< 1.0.0)
    chunky_png (1.3.4)
    color-schemer (0.2.8)
      compass-blend-modes (~> 0.0.2)
    compass (1.0.3)
      chunky_png (~> 1.2)
      compass-core (~> 1.0.2)
      compass-import-once (~> 1.0.5)
      rb-fsevent (>= 0.9.3)
      rb-inotify (>= 0.9)
      sass (>= 3.3.13, < 3.5)
    compass-blend-modes (0.0.2)
      compass
    compass-core (1.0.3)
      multi_json (~> 1.0)
      sass (>= 3.3.0, < 3.5)
    compass-import-once (1.0.5)
      sass (>= 3.2, < 3.5)
    compass-normalize (1.5)
      compass (>= 0.12.0)
    css_parser (1.3.6)
      addressable
    ffi (1.9.8)
    font-awesome-sass (4.3.2.1)
      sass (~> 3.2)
    multi_json (1.11.1)
    rack (1.6.4)
    rb-fsevent (0.9.5)
    rb-inotify (0.9.5)
      ffi (>= 0.5.0)
    sass (3.3.14)
    sassy-buttons (0.2.6)
      compass (>= 0.12.2)
    sassy-maps (0.4.0)
      sass (~> 3.3)
    sassy-strings (1.0.0)
      compass (>= 0.12.2)
    singularitygs (1.6.2)
      breakpoint (~> 2.4)
      sass (~> 3.3)
    sprockets (3.2.0)
      rack (~> 1.0)
    susy (2.0.0)
      sass (~> 3.3.0)
    toolkit (1.3.8)
      breakpoint (>= 2.0.6)
      color-schemer (>= 0.2.7)
      compass (>= 0.12.2)
      sassy-strings (>= 1.0.0)
      singularitygs (>= 1.1.2)

PLATFORMS
  ruby

DEPENDENCIES
  breakpoint (< 3.0.0)
  compass
  compass-normalize (< 2.0.0)
  css_parser (~> 1.3.4)
  font-awesome-sass
  sassy-buttons (< 1.0.0)
  sprockets
  susy (~> 2.0.0)
  toolkit (< 2.0.0)

BUNDLED WITH
   1.10.3
